GEM
  remote: https://rubygems.org/
  specs:
    em-websocket (0.5.1)
      eventmachine (>= 0.12.9)
      http_parser.rb (~> 0.6.0)
    eventmachine (1.0.3)
    http_parser.rb (0.6.0)
    json (1.8.1)
    sqlite3 (1.3.9)

PLATFORMS
  ruby

DEPENDENCIES
  em-websocket
  json
  sqlite3 (= 1.3.9)
